PATH
  remote: .
  specs:
    rest2dns (0.1.0)
      json (~> 2.2)
      puma (~> 3.12)
      sinatra (~> 2.0)

GEM
  remote: https://rubygems.org/
  specs:
    json (2.2.0)
    minitest (5.11.3)
    mustermann (1.0.3)
    puma (3.12.0)
    rack (2.0.6)
    rack-protection (2.0.5)
      rack
    rack-test (1.1.0)
      rack (>= 1.0, < 3)
    rake (10.5.0)
    sinatra (2.0.5)
      mustermann (~> 1.0)
      rack (~> 2.0)
      rack-protection (= 2.0.5)
      tilt (~> 2.0)
    tilt (2.0.9)

PLATFORMS
  ruby

DEPENDENCIES
  bundler (~> 2.0)
  minitest (~> 5.11)
  rack-test (~> 1.1)
  rake (~> 10.0)
  rest2dns!

BUNDLED WITH
   2.0.1
